GEM
  remote: https://rubygems.org/
  specs:
    activemodel (3.2.22.3)
      activesupport (= 3.2.22.3)
      builder (~> 3.0.0)
    activerecord (3.2.22.3)
      activemodel (= 3.2.22.3)
      activesupport (= 3.2.22.3)
      arel (~> 3.0.2)
      tzinfo (~> 0.3.29)
    activesupport (3.2.22.3)
      i18n (~> 0.6, >= 0.6.4)
      multi_json (~> 1.0)
    arel (3.0.3)
    breakpoint (2.7.0)
      sass (~> 3.3)
      sassy-maps (< 1.0.0)
    builder (3.0.4)
    chunky_png (1.3.6)
    compass (1.1.0.alpha.3)
      chunky_png (~> 1.2)
      compass-core (~> 1.1.0.alpha.3)
      compass-import-once (~> 1.0.5)
      rb-fsevent (>= 0.9.3)
      rb-inotify (>= 0.9)
      sass (>= 3.3.13, < 3.5)
    compass-core (1.1.0.alpha.3)
      multi_json (~> 1.0)
      sass (>= 3.3.0, < 3.5)
    compass-import-once (1.0.5)
      sass (>= 3.2, < 3.5)
    ffi (1.9.14-x64-mingw32)
    font-awesome-sass (4.6.2)
      sass (>= 3.2)
    i18n (0.7.0)
    multi_json (1.12.1)
    normalize (0.0.3)
      activerecord (~> 3.0)
    rb-fsevent (0.9.7)
    rb-inotify (0.9.7)
      ffi (>= 0.5.0)
    sass (3.4.22)
    sassy-maps (0.4.0)
      sass (~> 3.3)
    susy (2.2.12)
      sass (>= 3.3.0, < 3.5)
    tzinfo (0.3.51)

PLATFORMS
  x64-mingw32

DEPENDENCIES
  breakpoint (= 2.7.0)
  compass (~> 1.1.0.alpha.3)
  font-awesome-sass (~> 4.6.2)
  normalize (= 0.0.3)
  sass (= 3.4.22)
  susy (= 2.2.12)

BUNDLED WITH
   1.12.5
